GIT
  remote: https://github.com/jbreeden/mruby-bindings
  revision: b665b914a834f871c60e958a95b06b7b0f273879
  specs:
    mruby-bindings (0.1.0)

GIT
  remote: https://github.com/jbreeden/mruby-rake-tasks
  revision: bf3a9003f471c77200eb7beacf3c08daea367e82
  specs:
    mruby-rake-tasks (0.0.0)

GEM
  remote: https://rubygems.org/
  specs:
    coderay (1.1.1)
    method_source (0.8.2)
    pry (0.10.4)
      coderay (~> 1.1.0)
      method_source (~> 0.8.1)
      slop (~> 3.4)
    rake (12.0.0)
    slop (3.6.0)

PLATFORMS
  ruby

DEPENDENCIES
  mruby-bindings!
  mruby-rake-tasks!
  pry
  rake

BUNDLED WITH
   1.13.6
